GIT
  remote: git://github.com/activeadmin/activeadmin.git
  revision: 0ac35b7ff05246c3bc143c74fab38c4fdc0e875b
  specs:
    activeadmin (1.0.0.pre2)
      arbre (~> 1.0, >= 1.0.2)
      bourbon
      coffee-rails
      formtastic (~> 3.1)
      formtastic_i18n
      inherited_resources (~> 1.6)
      jquery-rails
      jquery-ui-rails
      kaminari (~> 0.15)
      rails (>= 3.2, < 5.0)
      ransack (~> 1.3)
      sass-rails
      sprockets (< 4)

GIT
  remote: git://github.com/carrierwaveuploader/carrierwave.git
  revision: b31f7ce006bade550be0ad946d0b993b799358e3
  specs:
    carrierwave (0.11.0)
      activemodel (>= 4.0.0)
      activesupport (>= 4.0.0)
      mime-types (>= 1.16)

GEM
  remote: https://rubygems.org/
  specs:
    actionmailer (4.2.6)
      actionpack (= 4.2.6)
      actionview (= 4.2.6)
      activejob (= 4.2.6)
      mail (~> 2.5, >= 2.5.4)
      rails-dom-testing (~> 1.0, >= 1.0.5)
    actionpack (4.2.6)
      actionview (= 4.2.6)
      activesupport (= 4.2.6)
      rack (~> 1.6)
      rack-test (~> 0.6.2)
      rails-dom-testing (~> 1.0, >= 1.0.5)
      rails-html-sanitizer (~> 1.0, >= 1.0.2)
    actionview (4.2.6)
      activesupport (= 4.2.6)
      builder (~> 3.1)
      erubis (~> 2.7.0)
      rails-dom-testing (~> 1.0, >= 1.0.5)
      rails-html-sanitizer (~> 1.0, >= 1.0.2)
    activejob (4.2.6)
      activesupport (= 4.2.6)
      globalid (>= 0.3.0)
    activemodel (4.2.6)
      activesupport (= 4.2.6)
      builder (~> 3.1)
    activerecord (4.2.6)
      activemodel (= 4.2.6)
      activesupport (= 4.2.6)
      arel (~> 6.0)
    activesupport (4.2.6)
      i18n (~> 0.7)
      json (~> 1.7, >= 1.7.7)
      minitest (~> 5.1)
      thread_safe (~> 0.3, >= 0.3.4)
      tzinfo (~> 1.1)
    acts-as-taggable-on (3.5.0)
      activerecord (>= 3.2, < 5)
    addressable (2.4.0)
    airbrussh (1.1.0)
      sshkit (>= 1.6.1, != 1.7.0)
    aitch (0.5.0)
      nokogiri (>= 1.6.0)
    arbre (1.0.3)
      activesupport (>= 3.0.0)
    arel (6.0.3)
    autoprefixer-rails (6.3.4)
      execjs
    awesome_print (1.7.0)
    aws-sdk (2.4.4)
      aws-sdk-resources (= 2.4.4)
    aws-sdk-core (2.4.4)
      jmespath (~> 1.0)
    aws-sdk-resources (2.4.4)
      aws-sdk-core (= 2.4.4)
    bcrypt (3.1.11)
    bcrypt (3.1.11-x86-mingw32)
    binding_of_caller (0.7.2)
      debug_inspector (>= 0.0.1)
    bootstrap-sass (3.3.6)
      autoprefixer-rails (>= 5.2.1)
      sass (>= 3.3.4)
    bourbon (4.2.7)
      sass (~> 3.4)
      thor (~> 0.19)
    brI18n (3.3.0)
      actionpack (>= 3.0.0)
      activerecord (>= 3.0.0)
      activesupport (>= 3.0.0)
    brazilian-rails (3.3.0)
      brI18n (= 3.3.0)
      brcep (= 3.3.0)
      brcpfcnpj (= 3.3.0)
      brdata (= 3.3.0)
      brdinheiro (= 3.3.0)
      brhelper (= 3.3.0)
      brnumeros (= 3.3.0)
      brstring (= 3.3.0)
    brcep (3.3.0)
    brcpfcnpj (3.3.0)
      actionpack (>= 3.0.0)
      activesupport (>= 3.0.0)
    brdata (3.3.0)
      actionpack (>= 3.0.0)
      activesupport (>= 3.0.0)
    brdinheiro (3.3.0)
      actionpack (>= 3.0.0)
      activerecord (>= 3.0.0)
      brnumeros (= 3.3.0)
    brhelper (3.3.0)
      actionpack (>= 3.0.0)
      activesupport (>= 3.0.0)
    brnumeros (3.3.0)
    brstring (3.3.0)
      activesupport (>= 3.0.0)
    builder (3.2.2)
    byebug (9.0.5)
    capistrano (3.6.0)
      airbrussh (>= 1.0.0)
      capistrano-harrow
      i18n
      rake (>= 10.0.0)
      sshkit (>= 1.9.0)
    capistrano-bundler (1.1.4)
      capistrano (~> 3.1)
      sshkit (~> 1.2)
    capistrano-harrow (0.5.3)
    capistrano-rails (1.1.7)
      capistrano (~> 3.1)
      capistrano-bundler (~> 1.1)
    capistrano-rvm (0.1.2)
      capistrano (~> 3.0)
      sshkit (~> 1.2)
    capistrano3-puma (1.2.1)
      capistrano (~> 3.0)
      puma (>= 2.6)
    carrierwave-base64 (2.3.1)
      carrierwave (>= 0.8.0, < 0.12.0)
    chronic (0.10.2)
    coffee-rails (4.1.1)
      coffee-script (>= 2.2.0)
      railties (>= 4.0.0, < 5.1.x)
    coffee-script (2.4.1)
      coffee-script-source
      execjs
    coffee-script-source (1.10.0)
    concurrent-ruby (1.0.2)
    correios-frete (1.9.4)
      log-me (~> 0.0.10)
      nokogiri (~> 1.6.2)
      sax-machine (~> 0.2.1)
    debug_inspector (0.0.2)
    devise (4.1.1)
      bcrypt (~> 3.0)
      orm_adapter (~> 0.1)
      railties (>= 4.1.0, < 5.1)
      responders
      warden (~> 1.2.3)
    devise-i18n (1.1.0)
    erubis (2.7.0)
    excon (0.51.0)
    execjs (2.7.0)
    figaro (1.1.1)
      thor (~> 0.14)
    fog-aws (0.10.0)
      fog-core (~> 1.38)
      fog-json (~> 1.0)
      fog-xml (~> 0.1)
      ipaddress (~> 0.8)
    fog-core (1.42.0)
      builder
      excon (~> 0.49)
      formatador (~> 0.2)
    fog-json (1.0.2)
      fog-core (~> 1.0)
      multi_json (~> 1.10)
    fog-xml (0.1.2)
      fog-core
      nokogiri (~> 1.5, >= 1.5.11)
    foreigner (1.7.4)
      activerecord (>= 3.0.0)
    formatador (0.2.5)
    formtastic (3.1.4)
      actionpack (>= 3.2.13)
    formtastic_i18n (0.6.0)
    geocoder (1.3.7)
    globalid (0.3.6)
      activesupport (>= 4.1.0)
    has_scope (0.6.0)
      actionpack (>= 3.2, < 5)
      activesupport (>= 3.2, < 5)
    httparty (0.13.7)
      json (~> 1.8)
      multi_xml (>= 0.5.2)
    i18n (0.7.0)
    inherited_resources (1.6.0)
      actionpack (>= 3.2, < 5)
      has_scope (~> 0.6.0.rc)
      railties (>= 3.2, < 5)
      responders
    ipaddress (0.8.3)
    jbuilder (2.5.0)
      activesupport (>= 3.0.0, < 5.1)
      multi_json (~> 1.2)
    jmespath (1.3.1)
    jquery-rails (4.1.1)
      rails-dom-testing (>= 1, < 3)
      railties (>= 4.2.0)
      thor (>= 0.14, < 2.0)
    jquery-ui-rails (5.0.5)
      railties (>= 3.2.16)
    json (1.8.3)
    kaminari (0.17.0)
      actionpack (>= 3.0.0)
      activesupport (>= 3.0.0)
    launchy (2.4.3)
      addressable (~> 2.3)
    letter_opener (1.4.1)
      launchy (~> 2.2)
    log-me (0.0.10)
    loofah (2.0.3)
      nokogiri (>= 1.5.9)
    mail (2.6.4)
      mime-types (>= 1.16, < 4)
    mailboxer (0.13.0)
      carrierwave (>= 0.5.8)
      foreigner (>= 0.9.1)
      rails (>= 3.2.0)
    mime-types (3.1)
      mime-types-data (~> 3.2015)
    mime-types-data (3.2016.0521)
    mini_magick (4.5.1)
    mini_portile2 (2.1.0)
    minitest (5.9.0)
    multi_json (1.12.1)
    multi_xml (0.5.5)
    nested_form_fields (0.7.8)
      coffee-rails (>= 3.2.1)
      jquery-rails
      rails (>= 3.2.0)
    net-scp (1.2.1)
      net-ssh (>= 2.6.5)
    net-ssh (3.2.0)
    newrelic_rpm (3.16.0.318)
    nokogiri (1.6.8)
      mini_portile2 (~> 2.1.0)
      pkg-config (~> 1.1.7)
    nokogiri (1.6.8-x86-mingw32)
      mini_portile2 (~> 2.1.0)
      pkg-config (~> 1.1.7)
    orm_adapter (0.5.0)
    pagseguro-oficial (2.5.0)
      aitch (~> 0.2)
      i18n (~> 0.7)
      json (~> 1.8)
      nokogiri (~> 1.6)
    paranoia (2.1.5)
      activerecord (~> 4.0)
    pg (0.18.4)
    pg (0.18.4-x86-mingw32)
    pkg-config (1.1.7)
    polyamorous (1.3.0)
      activerecord (>= 3.0)
    puma (3.6.0)
    rack (1.6.4)
    rack-test (0.6.3)
      rack (>= 1.0)
    rails (4.2.6)
      actionmailer (= 4.2.6)
      actionpack (= 4.2.6)
      actionview (= 4.2.6)
      activejob (= 4.2.6)
      activemodel (= 4.2.6)
      activerecord (= 4.2.6)
      activesupport (= 4.2.6)
      bundler (>= 1.3.0, < 2.0)
      railties (= 4.2.6)
      sprockets-rails
    rails-deprecated_sanitizer (1.0.3)
      activesupport (>= 4.2.0.alpha)
    rails-dom-testing (1.0.7)
      activesupport (>= 4.2.0.beta, < 5.0)
      nokogiri (~> 1.6.0)
      rails-deprecated_sanitizer (>= 1.0.1)
    rails-html-sanitizer (1.0.3)
      loofah (~> 2.0)
    rails_12factor (0.0.3)
      rails_serve_static_assets
      rails_stdout_logging
    rails_serve_static_assets (0.0.5)
    rails_stdout_logging (0.0.5)
    railties (4.2.6)
      actionpack (= 4.2.6)
      activesupport (= 4.2.6)
      rake (>= 0.8.7)
      thor (>= 0.18.1, < 2.0)
    rake (11.1.2)
    ransack (1.7.0)
      actionpack (>= 3.0)
      activerecord (>= 3.0)
      activesupport (>= 3.0)
      i18n
      polyamorous (~> 1.2)
    rdoc (4.2.2)
      json (~> 1.4)
    redis (3.3.1)
    responders (2.2.0)
      railties (>= 4.2.0, < 5.1)
    sass (3.4.22)
    sass-rails (5.0.4)
      railties (>= 4.0.0, < 5.0)
      sass (~> 3.1)
      sprockets (>= 2.8, < 4.0)
      sprockets-rails (>= 2.0, < 4.0)
      tilt (>= 1.1, < 3)
    sax-machine (0.2.1)
      nokogiri (~> 1.6.0)
    sdoc (0.4.1)
      json (~> 1.7, >= 1.7.7)
      rdoc (~> 4.0)
    simple_form (3.2.1)
      actionpack (> 4, < 5.1)
      activemodel (> 4, < 5.1)
    slack-notifier (1.5.1)
    spring (1.7.1)
    sprockets (3.6.0)
      concurrent-ruby (~> 1.0)
      rack (> 1, < 3)
    sprockets-rails (3.0.4)
      actionpack (>= 4.0)
      activesupport (>= 4.0)
      sprockets (>= 3.0.0)
    sqlite3 (1.3.11)
    sqlite3 (1.3.11-x86-mingw32)
    sshkit (1.11.2)
      net-scp (>= 1.1.2)
      net-ssh (>= 2.8.0)
    thor (0.19.1)
    thread_safe (0.3.5)
    tilt (2.0.5)
    turbolinks (2.5.3)
      coffee-rails
    tzinfo (1.2.2)
      thread_safe (~> 0.1)
    uglifier (3.0.0)
      execjs (>= 0.3.0, < 3)
    warden (1.2.6)
      rack (>= 1.0)
    web-console (2.3.0)
      activemodel (>= 4.0)
      binding_of_caller (>= 0.7.2)
      railties (>= 4.0)
      sprockets-rails (>= 2.0, < 4.0)
    whenever (0.9.7)
      chronic (>= 0.6.3)

PLATFORMS
  ruby
  x86-mingw32

DEPENDENCIES
  activeadmin!
  acts-as-taggable-on (~> 3.4)
  awesome_print
  aws-sdk (~> 2)
  bootstrap-sass
  brazilian-rails
  byebug
  capistrano (~> 3.6)
  capistrano-bundler
  capistrano-rails
  capistrano-rvm
  capistrano3-puma
  carrierwave!
  carrierwave-base64
  coffee-rails (~> 4.1.0)
  correios-frete
  devise
  devise-i18n
  figaro
  fog-aws
  geocoder
  httparty
  jbuilder (~> 2.0)
  jquery-rails
  kaminari
  letter_opener
  mailboxer
  mini_magick
  nested_form_fields
  newrelic_rpm
  pagseguro-oficial (~> 2.5.0)
  paranoia (~> 2.0)
  pg
  puma
  rails (= 4.2.6)
  rails_12factor
  ransack
  redis
  sass-rails (~> 5.0)
  sdoc (~> 0.4.0)
  simple_form
  slack-notifier
  spring
  sqlite3
  turbolinks
  uglifier (>= 1.3.0)
  web-console (~> 2.0)
  whenever

RUBY VERSION
   ruby 2.2.4p230

BUNDLED WITH
   1.13.0
